GEM
  remote: https://rubygems.org/
  specs:
    adsf (1.2.0)
      rack (>= 1.0.0)
    autoprefixer-rails (6.5.4)
      execjs
    bootstrap-sass (3.3.7)
      autoprefixer-rails (>= 5.2.1)
      sass (>= 3.3.4)
    builder (3.0.0)
    coderay (1.1.1)
    coffee-script (2.2.0)
      coffee-script-source
      execjs
    coffee-script-source (1.6.2)
    colored (1.2)
    concurrent-ruby (1.1.4)
    cri (2.6.1)
      colored (~> 1.2)
    excon (0.54.0)
    execjs (1.4.0)
      multi_json (~> 1.0)
    ffi (1.9.25)
    fog-aws (1.1.0)
      fog-core (~> 1.38)
      fog-json (~> 1.0)
      fog-xml (~> 0.1)
      ipaddress (~> 0.8)
    fog-core (1.43.0)
      builder
      excon (~> 0.49)
      formatador (~> 0.2)
    fog-json (1.0.1)
      fog-core (~> 1.0)
      multi_json (~> 1.0)
    fog-xml (0.1.2)
      fog-core
      nokogiri (~> 1.5, >= 1.5.11)
    formatador (0.2.5)
    guard (2.14.0)
      formatador (>= 0.2.4)
      listen (>= 2.7, < 4.0)
      lumberjack (~> 1.0)
      nenv (~> 0.1)
      notiffany (~> 0.0)
      pry (>= 0.9.12)
      shellany (~> 0.0)
      thor (>= 0.18.1)
    guard-compat (1.2.1)
    guard-nanoc (1.0.3)
      guard (~> 2.8)
      nanoc (~> 3.6)
    guard-shell (0.7.1)
      guard (>= 2.0.0)
      guard-compat (~> 1.0)
    haml (5.0.0)
      temple (>= 0.8.0)
      tilt
    ipaddress (0.8.3)
    listen (3.1.5)
      rb-fsevent (~> 0.9, >= 0.9.4)
      rb-inotify (~> 0.9, >= 0.9.7)
      ruby_dep (~> 1.2)
    lumberjack (1.0.10)
    method_source (0.8.2)
    mime-types (3.1)
      mime-types-data (~> 3.2015)
    mime-types-data (3.2016.0521)
    mini_portile2 (2.4.0)
    multi_json (1.12.1)
    nanoc (3.7.5)
      cri (~> 2.3)
    nanoc-sprockets3 (1.0.5)
      sprockets (~> 3.2, >= 3.0.0)
    nenv (0.3.0)
    nokogiri (1.9.1)
      mini_portile2 (~> 2.4.0)
    notiffany (0.1.1)
      nenv (~> 0.1)
      shellany (~> 0.0)
    pry (0.10.4)
      coderay (~> 1.1.0)
      method_source (~> 0.8.1)
      slop (~> 3.4)
    pygments.rb (1.2.1)
      multi_json (>= 1.0.0)
    rack (2.0.6)
    rake (0.9.2.2)
    rb-fsevent (0.9.8)
    rb-inotify (0.9.7)
      ffi (>= 0.5.0)
    redcarpet (2.2.2)
    ruby-jq (0.1.6)
      multi_json
    ruby_dep (1.5.0)
    sass (3.4.22)
    shellany (0.0.1)
    slop (3.6.0)
    sprockets (3.7.2)
      concurrent-ruby (~> 1.0)
      rack (> 1, < 3)
    temple (0.8.2)
    thor (0.19.4)
    tilt (2.0.10)
    yajl-ruby (1.4.1)

PLATFORMS
  ruby

DEPENDENCIES
  adsf
  bootstrap-sass
  builder
  coffee-script
  fog-aws
  guard-nanoc
  guard-shell
  haml
  mime-types
  nanoc
  nanoc-sprockets3
  pygments.rb
  rake
  redcarpet
  ruby-jq
  sass
  yajl-ruby (>= 1.3.1)

BUNDLED WITH
   1.16.1
